GEM
  remote: https://rubygems.org/
  specs:
    byebug (11.0.1)
    ffi (1.11.1)

PLATFORMS
  ruby

DEPENDENCIES
  byebug
  ffi

BUNDLED WITH
   1.17.2
